PATH
  remote: .
  specs:
    Nabeel_gem (0.1.0)

GEM
  remote: https://rubygems.org/
  specs:
    rake (10.4.2)

PLATFORMS
  ruby

DEPENDENCIES
  Nabeel_gem!
  bundler (~> 2.0)
  rake (~> 10.0)

BUNDLED WITH
   2.0.1
